PATH
  remote: .
  specs:
    rspec-rails23 (0.2.0)
      actionpack (~> 2.3.0)
      actionpack (~> 2.3.0)
      rspec (~> 2.6.0)
      rspec (~> 2.6.0)
      rspec-rails23

GEM
  remote: http://rubygems.org/
  specs:
    actionpack (2.3.12)
      activesupport (= 2.3.12)
      rack (~> 1.1.0)
    activesupport (2.3.12)
    diff-lcs (1.1.2)
    git (1.2.5)
    jeweler (1.5.1)
      bundler (~> 1.0.0)
      git (>= 1.2.5)
      rake
    mocha (0.9.9)
      rake
    rack (1.1.2)
    rake (0.8.7)
    rspec (2.6.0)
      rspec-core (~> 2.6.0)
      rspec-expectations (~> 2.6.0)
      rspec-mocks (~> 2.6.0)
    rspec-core (2.6.4)
    rspec-expectations (2.6.0)
      diff-lcs (~> 1.1.2)
    rspec-mocks (2.6.0)

PLATFORMS
  ruby

DEPENDENCIES
  jeweler (~> 1.5.1)
  mocha (= 0.9.9)
  rspec-rails23!
